PATH
  remote: .
  specs:
    binterm (0.1.0)
      optimist
      serialport

GEM
  remote: https://rubygems.org/
  specs:
    minitest (5.11.3)
    optimist (3.0.0)
    rake (10.5.0)
    serialport (1.3.1)

PLATFORMS
  ruby

DEPENDENCIES
  binterm!
  bundler (~> 1.16)
  minitest (~> 5.0)
  rake (~> 10.0)

BUNDLED WITH
   1.16.4
