PATH
  remote: .
  specs:
    binterm (0.1.0)
      optimist (~> 3)
      rubyserial (~> 0.6)

GEM
  remote: https://rubygems.org/
  specs:
    ffi (1.9.25)
    minitest (5.11.3)
    optimist (3.0.0)
    rake (13.0.1)
    rubyserial (0.6.0)
      ffi (~> 1.9, >= 1.9.3)

PLATFORMS
  ruby

DEPENDENCIES
  binterm!
  bundler (~> 1.16)
  minitest (~> 5.0)
  rake (~> 13.0)

BUNDLED WITH
   1.16.4
